GEM
  remote: https://rubygems.org/
  specs:
    backports (3.17.2)
    diff-lcs (1.3)
    multi_json (1.14.1)
    mustermann (1.1.1)
      ruby2_keywords (~> 0.0.1)
    nio4r (2.5.2)
    pg (1.2.3)
    puma (4.3.5)
      nio4r (~> 2.0)
    rack (2.2.3)
    rack-cors (1.1.1)
      rack (>= 2.0.0)
    rack-protection (2.0.8.1)
      rack
    rake (12.3.3)
    rspec (3.9.0)
      rspec-core (~> 3.9.0)
      rspec-expectations (~> 3.9.0)
      rspec-mocks (~> 3.9.0)
    rspec-core (3.9.2)
      rspec-support (~> 3.9.3)
    rspec-expectations (3.9.2)
      diff-lcs (>= 1.2.0, < 2.0)
      rspec-support (~> 3.9.0)
    rspec-mocks (3.9.1)
      diff-lcs (>= 1.2.0, < 2.0)
      rspec-support (~> 3.9.0)
    rspec-support (3.9.3)
    ruby2_keywords (0.0.2)
    sequel (5.33.0)
    sinatra (2.0.8.1)
      mustermann (~> 1.0)
      rack (~> 2.0)
      rack-protection (= 2.0.8.1)
      tilt (~> 2.0)
    sinatra-contrib (2.0.8.1)
      backports (>= 2.8.2)
      multi_json
      mustermann (~> 1.0)
      rack-protection (= 2.0.8.1)
      sinatra (= 2.0.8.1)
      tilt (~> 2.0)
    sqlite3 (1.4.2)
    tilt (2.0.10)
    yajl-ruby (1.4.1)

PLATFORMS
  ruby

DEPENDENCIES
  pg (~> 1.1)
  puma
  rack-cors (~> 1.0)
  rake (~> 12.3)
  rspec (~> 3.0)
  sequel (~> 5.0)
  sinatra (~> 2.0)
  sinatra-contrib
  sqlite3 (~> 1.3)
  yajl-ruby

BUNDLED WITH
   2.1.4
